GEM
  remote: https://rubygems.org/
  specs:
    oauth (0.5.1)

PLATFORMS
  ruby

DEPENDENCIES
  oauth

BUNDLED WITH
   1.11.2
